PATH
  remote: .
  specs:
    cloudstack-cli (1.6.6)
      cloudstack_client (~> 1.5.6)
      thor (~> 1.1.0)

GEM
  remote: https://rubygems.org/
  specs:
    cloudstack_client (1.5.8)
    minitest (5.14.4)
    rake (13.0.5)
    thor (1.1.0)

PLATFORMS
  x86_64-linux

DEPENDENCIES
  cloudstack-cli!
  minitest (~> 5.11)
  rake (~> 13.0)

BUNDLED WITH
   2.2.15
