PATH
  remote: ../cloudstack_client/
  specs:
    cloudstack_client (1.4.3)

PATH
  remote: .
  specs:
    cloudstack-cli (1.5.11)
      cloudstack_client (~> 1.4.3)
      thor (~> 0.19)

GEM
  remote: https://rubygems.org/
  specs:
    minitest (5.9.1)
    rake (11.3.0)
    thor (0.19.1)

PLATFORMS
  ruby

DEPENDENCIES
  cloudstack-cli!
  cloudstack_client!
  minitest (~> 5.9)
  rake (~> 11.3)

BUNDLED WITH
   1.13.6
