PATH
  remote: ../cloudstack_client/
  specs:
    cloudstack_client (1.4.3)

PATH
  remote: .
  specs:
    cloudstack-cli (1.5.3)
      cloudstack_client (~> 1.4)
      thor (~> 0.19)

GEM
  remote: https://rubygems.org/
  specs:
    rake (11.2.0)
    thor (0.19.1)

PLATFORMS
  ruby

DEPENDENCIES
  cloudstack-cli!
  cloudstack_client!
  rake (~> 11.2)

BUNDLED WITH
   1.12.4
