PATH
  remote: ../cloudstack_client/
  specs:
    cloudstack_client (1.5.3)

PATH
  remote: .
  specs:
    cloudstack-cli (1.6.1)
      cloudstack_client (~> 1.5.3)
      thor (~> 0.20.0)

GEM
  remote: https://rubygems.org/
  specs:
    minitest (5.10.3)
    rake (12.0.0)
    thor (0.20.0)

PLATFORMS
  ruby

DEPENDENCIES
  cloudstack-cli!
  cloudstack_client!
  minitest (~> 5.9)
  rake (~> 12.0)

BUNDLED WITH
   1.13.7
