PATH
  remote: .
  specs:
    cloudstack-cli (1.6.8)
      cloudstack_client (~> 1.5.9)
      thor (~> 1.1.0)

GEM
  remote: https://rubygems.org/
  specs:
    cloudstack_client (1.5.9)
    minitest (5.24.1)
    rake (13.2.1)
    thor (1.1.0)

PLATFORMS
  x86_64-linux

DEPENDENCIES
  cloudstack-cli!
  minitest (~> 5.11)
  rake (~> 13.0)

BUNDLED WITH
   2.3.14
