PATH
  remote: .
  specs:
    cloudstack-cli (1.6.2)
      cloudstack_client (~> 1.5.3)
      thor (~> 0.20.0)

GEM
  remote: https://rubygems.org/
  specs:
    cloudstack_client (1.5.3)
    minitest (5.10.3)
    rake (12.3.0)
    thor (0.20.0)

PLATFORMS
  ruby

DEPENDENCIES
  cloudstack-cli!
  minitest (~> 5.9)
  rake (~> 12.0)

BUNDLED WITH
   1.16.0
