PATH
  remote: .
  specs:
    cloudstack-cli (1.6.4)
      cloudstack_client (~> 1.5.3)
      thor (~> 0.20.0)

GEM
  remote: https://rubygems.org/
  specs:
    cloudstack_client (1.5.4)
    minitest (5.11.3)
    rake (12.3.1)
    thor (0.20.3)

PLATFORMS
  ruby

DEPENDENCIES
  cloudstack-cli!
  minitest (~> 5.11)
  rake (~> 12.3)

BUNDLED WITH
   1.16.1
