PATH
  remote: ../cloudstack_client/
  specs:
    cloudstack_client (1.3.0)

PATH
  remote: .
  specs:
    cloudstack-cli (1.4.0)
      cloudstack_client (~> 1.3)
      thor (~> 0.19)

GEM
  remote: https://rubygems.org/
  specs:
    rake (11.1.1)
    thor (0.19.1)

PLATFORMS
  ruby

DEPENDENCIES
  cloudstack-cli!
  cloudstack_client!
  rake (~> 11.1)

BUNDLED WITH
   1.11.2
