PATH
  remote: ../cloudstack_client/
  specs:
    cloudstack_client (1.2.3)
      multi_json (~> 1.11)

PATH
  remote: .
  specs:
    cloudstack-cli (1.2.6)
      cloudstack_client (~> 1.2)
      multi_json (~> 1.11)
      thor (~> 0.19)

GEM
  remote: https://rubygems.org/
  specs:
    multi_json (1.11.2)
    rake (10.5.0)
    thor (0.19.1)

PLATFORMS
  ruby

DEPENDENCIES
  cloudstack-cli!
  cloudstack_client!
  rake (~> 10.4)

BUNDLED WITH
   1.11.2
